GEM
  remote: https://rubygems.org/
  specs:
    kintama (0.2)

PLATFORMS
  ruby

DEPENDENCIES
  kintama (~> 0.2)

BUNDLED WITH
   1.17.2
